GEM
  remote: https://rubygems.org/
  specs:
    bubble-wrap-http (1.7.1)
    rake (11.2.2)

PLATFORMS
  ruby

DEPENDENCIES
  bubble-wrap-http
  rake

BUNDLED WITH
   1.11.2
